GEM
  remote: https://rubygems.org/
  specs:
    colorize (0.8.1)
    concurrent-ruby (1.1.8)
    deep_merge (1.2.1)
    facter (4.0.52)
      hocon (~> 1.3)
      thor (>= 1.0.1, < 2.0)
    fast_gettext (1.8.0)
    fileutils (1.4.1)
    hiera (3.7.0)
    hocon (1.3.1)
    httparty (0.18.0)
      mime-types (~> 3.0)
      multi_xml (>= 0.5.2)
    httpclient (2.8.3)
    locale (2.1.3)
    mime-types (3.3.1)
      mime-types-data (~> 3.2015)
    mime-types-data (3.2019.1009)
    mini_portile2 (2.4.0)
    multi_json (1.15.0)
    multi_xml (0.6.0)
    network_interface (0.0.2)
    nokogiri (1.10.9)
      mini_portile2 (~> 2.4.0)
    puppet (6.13.0)
      concurrent-ruby (~> 1.0)
      deep_merge (~> 1.0)
      facter (> 2.0.1, < 5)
      fast_gettext (~> 1.1)
      hiera (>= 3.2.1, < 4)
      httpclient (~> 2.8)
      locale (~> 2.1)
      multi_json (~> 1.10)
      puppet-resource_api (~> 1.5)
      semantic_puppet (~> 1.0)
    puppet-resource_api (1.8.13)
      hocon (>= 1.0)
    semantic_puppet (1.0.3)
    thor (1.1.0)
    vagrant-wrapper (2.0.3)

PLATFORMS
  ruby

DEPENDENCIES
  colorize
  fileutils
  httparty
  network_interface
  nokogiri (>= 1.10.8)
  puppet (~> 6.13)
  vagrant-wrapper (~> 2.0, >= 2.0.3)

BUNDLED WITH
   2.1.4
