GEM
  remote: https://rubygems.org/
  specs:
    colorize (0.8.1)
    facter (2.5.6)
    fast_gettext (1.1.2)
    fileutils (1.0.2)
    gettext (3.2.9)
      locale (>= 2.0.5)
      text (>= 1.3.0)
    gettext-setup (0.31)
      fast_gettext (~> 1.1.0)
      gettext (>= 3.0.2)
      locale
    hiera (3.6.0)
    httparty (0.17.1)
      mime-types (~> 3.0)
      multi_xml (>= 0.5.2)
    json_pure (1.8.6)
    locale (2.1.2)
    mime-types (3.3)
      mime-types-data (~> 3.2015)
    mime-types-data (3.2019.0904)
    multi_xml (0.6.0)
    network_interface (0.0.2)
    nokogiri (1.10.4)
    puppet (4.10.12)
      facter (> 2.0, < 4)
      gettext-setup (>= 0.10, < 1)
      hiera (>= 2.0, < 4)
      json_pure (~> 1.8)
      locale (~> 2.1)
    text (1.3.1)
    vagrant-wrapper (2.0.3)

PLATFORMS
  ruby

DEPENDENCIES
  colorize
  fileutils
  httparty
  network_interface (~> 0.0.2)
  nokogiri
  puppet (~> 4.3, >= 4.3.2)
  vagrant-wrapper (~> 2.0, >= 2.0.3)

BUNDLED WITH
   1.17.3
