GEM
  remote: https://rubygems.org/
  specs:
    colorize (0.8.1)
    httparty (0.17.1)
      mime-types (~> 3.0)
      multi_xml (>= 0.5.2)
    mime-types (3.3)
      mime-types-data (~> 3.2015)
    mime-types-data (3.2019.0904)
    mini_portile2 (2.4.0)
    multi_xml (0.6.0)
    nokogiri (1.10.4)
    nokogiri (1.10.4-x64-mingw32)
      mini_portile2 (~> 2.4.0)
    vagrant-wrapper (2.0.3)

PLATFORMS
  ruby
  x64-mingw32

DEPENDENCIES
  colorize
  httparty
  nokogiri
  vagrant-wrapper (~> 2.0, >= 2.0.3)

BUNDLED WITH
   1.17.3
