GEM
  remote: https://rubygems.org/
  specs:
    colorize (0.8.1)
    facter (2.5.7)
    fast_gettext (1.1.2)
    fileutils (1.4.1)
    gettext (3.2.9)
      locale (>= 2.0.5)
      text (>= 1.3.0)
    gettext-setup (0.34)
      fast_gettext (~> 1.1.0)
      gettext (>= 3.0.2, < 3.3.0)
      locale
    hiera (3.6.0)
    httparty (0.18.0)
      mime-types (~> 3.0)
      multi_xml (>= 0.5.2)
    json_pure (1.8.6)
    locale (2.1.3)
    mime-types (3.3.1)
      mime-types-data (~> 3.2015)
    mime-types-data (3.2019.1009)
    mini_portile2 (2.4.0)
    multi_xml (0.6.0)
    network_interface (0.0.2)
    nokogiri (1.10.9)
      mini_portile2 (~> 2.4.0)
    puppet (4.10.12)
      facter (> 2.0, < 4)
      gettext-setup (>= 0.10, < 1)
      hiera (>= 2.0, < 4)
      json_pure (~> 1.8)
      locale (~> 2.1)
    text (1.3.1)
    vagrant-wrapper (2.0.3)

PLATFORMS
  ruby

DEPENDENCIES
  colorize
  fileutils
  httparty
  network_interface
  nokogiri (>= 1.10.8)
  puppet (~> 4.3, >= 4.3.2)
  vagrant-wrapper (~> 2.0, >= 2.0.3)

BUNDLED WITH
   2.1.4
